PATH
  remote: .
  specs:
    spreedly-core-ruby (0.1.9)
      builder
      httparty (>= 0.7.7)

GEM
  remote: https://rubygems.org/
  specs:
    addressable (2.2.7)
    builder (3.0.0)
    crack (0.1.8)
    httparty (0.8.3)
      multi_json (~> 1.0)
      multi_xml
    multi_json (1.3.6)
    multi_xml (0.5.1)
    rake (0.8.7)
    webmock (1.6.4)
      addressable (~> 2.2, > 2.2.5)
      crack (>= 0.1.7)

PLATFORMS
  ruby

DEPENDENCIES
  rake (= 0.8.7)
  spreedly-core-ruby!
  webmock (~> 1.6.2)
